GEM
  remote: http://rubygems.org/
  specs:
    archive-tar-minitar (0.5.2)
    arr-pm (0.0.10)
      cabin (> 0)
    backports (3.6.8)
    cabin (0.8.1)
    childprocess (0.5.9)
      ffi (~> 1.0, >= 1.0.11)
    clamp (0.6.5)
    corefines (1.9.0)
    ffi (1.9.10)
    fpm (1.5.0)
      archive-tar-minitar
      arr-pm (~> 0.0.10)
      backports (>= 2.6.2)
      cabin (>= 0.6.0)
      childprocess
      clamp (~> 0.6)
      corefines (~> 1.9)
      ffi
      json (>= 1.7.7)
      ruby-xz
    io-like (0.3.0)
    json (1.8.3)
    rake (11.1.2)
    ruby-xz (0.2.3)
      ffi (~> 1.9)
      io-like (~> 0.3)

PLATFORMS
  ruby

DEPENDENCIES
  fpm
  rake

BUNDLED WITH
   1.12.3
